GIT
  remote: https://github.com/badboy/redis-rb
  revision: 49294de18eea230b76c9dacdfe89441b9ac37f2f
  ref: 49294de18eea230b76c9dacdfe89441b9ac37f2f
  specs:
    redis (3.0.7)

GEM
  remote: https://rubygems.org/
  specs:
    backports (3.6.0)
    coderay (1.0.9)
    haml (4.0.1)
      tilt
    json (1.7.7)
    method_source (0.8.1)
    minitest (5.0.6)
    multi_json (1.8.4)
    pry (0.9.12.2)
      coderay (~> 1.0.5)
      method_source (~> 0.8)
      slop (~> 3.4)
    puma (2.3.1)
      rack (>= 1.1, < 2.0)
    rack (1.5.2)
    rack-protection (1.5.0)
      rack
    rack-test (0.6.2)
      rack (>= 1.0)
    rake (10.1.0)
    rdiscount (2.1.7)
    redis-namespace (1.3.1)
      redis (~> 3.0.0)
    sass (3.2.7)
    sinatra (1.4.3)
      rack (~> 1.4)
      rack-protection (~> 1.4)
      tilt (~> 1.3, >= 1.3.4)
    sinatra-contrib (1.4.2)
      backports (>= 2.0)
      multi_json
      rack-protection
      rack-test
      sinatra (~> 1.4.0)
      tilt (~> 1.3)
    slop (3.4.4)
    tilt (1.4.1)

PLATFORMS
  ruby

DEPENDENCIES
  haml (~> 4.0.0)
  json (~> 1.7.7)
  minitest (~> 5.0.6)
  pry
  puma (~> 2.3.1)
  rack-test
  rake
  rdiscount (~> 2.1.7)
  redis!
  redis-namespace (~> 1.3.1)
  sass (~> 3.2.7)
  sinatra (~> 1.4.3)
  sinatra-contrib
