GEM
  remote: https://rubygems.org/
  specs:
    coderay (1.0.9)
    haml (4.0.1)
      tilt
    json (1.7.7)
    method_source (0.8.1)
    minitest (5.0.6)
    pry (0.9.12.2)
      coderay (~> 1.0.5)
      method_source (~> 0.8)
      slop (~> 3.4)
    puma (2.3.1)
      rack (>= 1.1, < 2.0)
    rack (1.5.2)
    rack-protection (1.5.0)
      rack
    rdiscount (2.0.7.1)
    redis (3.0.4)
    redis-namespace (1.3.1)
      redis (~> 3.0.0)
    sass (3.2.7)
    shotgun (0.9)
      rack (>= 1.0)
    sinatra (1.4.3)
      rack (~> 1.4)
      rack-protection (~> 1.4)
      tilt (~> 1.3, >= 1.3.4)
    slop (3.4.4)
    tilt (1.4.1)

PLATFORMS
  ruby

DEPENDENCIES
  haml (~> 4.0.0)
  json (~> 1.7.7)
  minitest (~> 5.0.6)
  pry
  puma (~> 2.3.1)
  rdiscount (~> 2.0.7)
  redis (~> 3.0.3)
  redis-namespace (~> 1.3.1)
  sass (~> 3.2.7)
  shotgun
  sinatra (~> 1.4.3)
