GIT
  remote: https://github.com/badboy/redis-rb
  revision: 49294de18eea230b76c9dacdfe89441b9ac37f2f
  ref: 49294de18eea230b76c9dacdfe89441b9ac37f2f
  specs:
    redis (3.0.7)

GEM
  remote: https://rubygems.org/
  specs:
    coderay (1.0.9)
    ffi (1.9.3)
    haml (4.0.1)
      tilt
    json (1.8.1)
    listen (1.0.3)
      rb-fsevent (>= 0.9.3)
      rb-inotify (>= 0.9)
      rb-kqueue (>= 0.2)
    method_source (0.8.1)
    minitest (5.0.6)
    pry (0.9.12.2)
      coderay (~> 1.0.5)
      method_source (~> 0.8)
      slop (~> 3.4)
    puma (2.3.1)
      rack (>= 1.1, < 2.0)
    rack (1.5.2)
    rack-protection (1.5.0)
      rack
    rack-test (0.6.2)
      rack (>= 1.0)
    rake (10.1.0)
    rb-fsevent (0.9.4)
    rb-inotify (0.9.3)
      ffi (>= 0.5.0)
    rb-kqueue (0.2.2)
      ffi (>= 0.5.0)
    rdiscount (2.1.7)
    redis-namespace (1.3.1)
      redis (~> 3.0.0)
    rerun (0.8.2)
      listen (~> 1.0.3)
    sass (3.2.7)
    sinatra (1.4.3)
      rack (~> 1.4)
      rack-protection (~> 1.4)
      tilt (~> 1.3, >= 1.3.4)
    slop (3.4.4)
    tilt (1.4.1)

PLATFORMS
  ruby

DEPENDENCIES
  haml (~> 4.0.0)
  json (~> 1.8.1)
  minitest (~> 5.0.6)
  pry
  puma (~> 2.3.1)
  rack-test
  rake
  rdiscount (~> 2.1.7)
  redis!
  redis-namespace (~> 1.3.1)
  rerun
  sass (~> 3.2.7)
  sinatra (~> 1.4.3)
