GEM
  remote: http://rubygems.org/
  specs:
    andand (1.3.3)
    haml (4.0.0)
      tilt
    json (1.7.7)
    puma (1.6.3)
      rack (~> 1.2)
    rack (1.5.2)
    rack-protection (1.4.0)
      rack
    rdiscount (2.0.7.1)
    redis (3.0.3)
    redis-namespace (1.2.1)
      redis (~> 3.0.0)
    sass (3.2.7)
    sinatra (1.3.5)
      rack (~> 1.4)
      rack-protection (~> 1.3)
      tilt (~> 1.3, >= 1.3.3)
    tilt (1.3.5)

PLATFORMS
  ruby

DEPENDENCIES
  andand (~> 1.3.3)
  haml (~> 4.0.0)
  json (~> 1.7.7)
  puma
  rdiscount (~> 2.0.7)
  redis (~> 3.0.3)
  redis-namespace (~> 1.2.1)
  sass (~> 3.2.7)
  sinatra (~> 1.3.5)
